GEM
  remote: https://rubygems.org/
  specs:
    simple-random (1.0.3)

PLATFORMS
  x86_64-darwin-21

DEPENDENCIES
  simple-random (~> 1.0)

BUNDLED WITH
   2.3.9
